{"TaskName": "eegsvr", "TaskDescription": "Thermal stimulation with visual rhytmic stimulation at different frequencies", "Instructions": "See Psychopy scripts for instructions", "InstitutionName": "Universite Laval", "EEGChannelCount": 63, "EOGChannelCount": 0, "ECGChannelCount": 0, "EEGPlacementScheme": "10-10", "EEGReference": "FCz", "EEGGround": "Fpz", "SamplingFrequency": 500, "SoftwareFilters": {"Anti-aliasing filter": {"half-amplitude cutoff (Hz)": 250}}, "PowerLineFrequency": 60, "Manufacturer": "EGI/BrainVision", "ManufacturersModelName": "Net Amps 300/actiChamp", "CapManufacturer": "BrainVision", "CapManufacturersModelName": "actiCAP slim 64 Ch", "RecordingType": "continuous"}